GIT
  remote: https://github.com/Ultragreen/rack-auth-ldap.git
  revision: 42040ff09a3e84628a7370d3680a4e60053c22d7
  ref: 42040ff09a3e84628a7370d3680a4e60053c22d7
  specs:
    rack-auth-ldap (1.1)
      net-ldap
      rack

GIT
  remote: https://github.com/geminabox/geminabox.git
  revision: 0d7bce1a26c534d8af2054c59a8db59e36c1d0ec
  ref: 0d7bce1a26c534d8af2054c59a8db59e36c1d0ec
  specs:
    geminabox (1.1.1)
      builder
      faraday
      httpclient (>= 2.2.7)
      nesty
      reentrant_flock
      sinatra (>= 1.2.7)

GEM
  remote: https://rubygems.org/
  specs:
    ast (2.4.0)
    builder (3.2.3)
    faraday (0.17.0)
      multipart-post (>= 1.2, < 3)
    httpclient (2.8.3)
    jaro_winkler (1.5.4)
    multipart-post (2.1.1)
    mustermann (1.0.3)
    nesty (1.0.2)
    net-ldap (0.16.0)
    nio4r (2.5.2)
    parallel (1.19.1)
    parser (2.6.5.0)
      ast (~> 2.4.0)
    puma (4.3.1)
      nio4r (~> 2.0)
    rack (2.0.8)
    rack-console (1.3.1)
      rack (>= 1.1)
      rack-test
    rack-protection (2.0.7)
      rack
    rack-test (1.1.0)
      rack (>= 1.0, < 3)
    rainbow (3.0.0)
    reentrant_flock (0.1.1)
    rubocop (0.77.0)
      jaro_winkler (~> 1.5.1)
      parallel (~> 1.10)
      parser (>= 2.6)
      rainbow (>= 2.2.2, < 4.0)
      ruby-progressbar (~> 1.7)
      unicode-display_width (>= 1.4.0, < 1.7)
    ruby-progressbar (1.10.1)
    sinatra (2.0.7)
      mustermann (~> 1.0)
      rack (~> 2.0)
      rack-protection (= 2.0.7)
      tilt (~> 2.0)
    tilt (2.0.10)
    unicode-display_width (1.6.0)

PLATFORMS
  ruby

DEPENDENCIES
  geminabox!
  net-ldap (~> 0.16.0)
  puma (~> 4.3.1)
  rack-auth-ldap!
  rack-console
  rubocop

BUNDLED WITH
   2.0.2
